PATH
  remote: .
  specs:
    kalibera (0.1)
      memoist (~> 0.11)
      rbzip2 (~> 0.2.0)

GEM
  remote: https://rubygems.org/
  specs:
    memoist (0.16.0)
    minitest (5.10.3)
    rake (10.5.0)
    rbzip2 (0.2.0)

PLATFORMS
  ruby

DEPENDENCIES
  bundler (~> 1.7)
  kalibera!
  minitest (~> 5.0)
  rake (~> 10.0)

BUNDLED WITH
   1.16.0
